NUGET
  remote:
    Microsoft.AspNet.Mvc (5.2.3)
      Microsoft.AspNet.Razor (>= 3.2.3 < 3.3)
      Microsoft.AspNet.WebPages (>= 3.2.3 < 3.3)
    Microsoft.AspNet.Razor (3.2.3)
    Microsoft.AspNet.WebPages (3.2.3)
      Microsoft.AspNet.Razor (>= 3.2.3 < 3.3)
      Microsoft.Web.Infrastructure (>= 1.0)
    Microsoft.CodeDom.Providers.DotNetCompilerPlatform (1.0.3)
      Microsoft.Net.Compilers (>= 1.3.2)
    Microsoft.Net.Compilers (1.3.2)
    Microsoft.Web.Infrastructure (1.0.0.0)
